GEM
  remote: https://rubygems.org/
  specs:
    json (2.6.3)
    mustermann (3.0.0)
      ruby2_keywords (~> 0.0.1)
    rack (2.2.7)
    rack-protection (3.0.6)
      rack
    ruby2_keywords (0.0.5)
    sinatra (3.0.6)
      mustermann (~> 3.0)
      rack (~> 2.2, >= 2.2.4)
      rack-protection (= 3.0.6)
      tilt (~> 2.0)
    tilt (2.2.0)

PLATFORMS
  ruby

DEPENDENCIES
  json
  sinatra

BUNDLED WITH
   2.1.4
